GEM
  remote: https://rubygems.org/
  specs:
    minitest (5.2.1)
    minitest-rg (5.0.0)
      minitest (~> 5.0)
    rake (12.3.3)

PLATFORMS
  ruby

DEPENDENCIES
  minitest (~> 5.2.0)
  minitest-rg
  rake
